GIT
  remote: https://github.com/benjaminleesmith/trueskill
  revision: e404f45af5b3fb86982881ce064a9c764cc6a901
  ref: e404f45af5b3fb86982881ce064a9c764cc6a901
  specs:
    trueskill (1.0.0)

PATH
  remote: .
  specs:
    predictor (0.0.1)
      trueskill

GEM
  remote: https://rubygems.org/
  specs:
    diff-lcs (1.2.5)
    rspec (3.1.0)
      rspec-core (~> 3.1.0)
      rspec-expectations (~> 3.1.0)
      rspec-mocks (~> 3.1.0)
    rspec-core (3.1.7)
      rspec-support (~> 3.1.0)
    rspec-expectations (3.1.2)
      diff-lcs (>= 1.2.0, < 2.0)
      rspec-support (~> 3.1.0)
    rspec-mocks (3.1.3)
      rspec-support (~> 3.1.0)
    rspec-support (3.1.2)

PLATFORMS
  ruby

DEPENDENCIES
  predictor!
  rspec
  trueskill!
